GEM
  remote: http://rubygems.org/
  specs:
    RedCloth (4.2.7)
    classifier (1.3.3)
      fast-stemmer (>= 1.0.0)
    directory_watcher (1.4.0)
    fast-stemmer (1.0.0)
    jekyll (0.10.0)
      classifier (>= 1.3.1)
      directory_watcher (>= 1.1.1)
      liquid (>= 1.9.0)
      maruku (>= 0.5.9)
    jekyll-categories (0.0.1)
      jekyll (>= 0.10.0)
    jekyll-less (0.0.1)
      jekyll (>= 0.10.0)
      less (>= 2.0.5)
    less (2.0.5)
      therubyracer (~> 0.9.2)
    libv8 (3.3.10.2)
    liquid (2.2.2)
    maruku (0.6.0)
      syntax (>= 1.0.0)
    syntax (1.0.0)
    therubyracer (0.9.2)
      libv8 (~> 3.3.10)

PLATFORMS
  ruby

DEPENDENCIES
  RedCloth
  jekyll (~> 0.10)
  jekyll-categories (= 0.0.1)
  jekyll-less (= 0.0.1)
