GEM
  remote: http://rubygems.org/
  specs:
    RedCloth (4.2.9)
    classifier (1.3.3)
      fast-stemmer (>= 1.0.0)
    commonjs (0.2.6)
    directory_watcher (1.4.1)
    execjs (1.4.0)
      multi_json (~> 1.0)
    fast-stemmer (1.0.1)
    jekyll (0.12.0)
      classifier (~> 1.3)
      directory_watcher (~> 1.1)
      kramdown (~> 0.13.4)
      liquid (~> 2.3)
      maruku (~> 0.5)
      pygments.rb (~> 0.3.2)
    jekyll-categories (0.0.2)
      jekyll (>= 0.10.0)
    jekyll-less (0.0.4)
      jekyll (>= 0.10.0)
      less (>= 2.0.5)
    jekyll-minimagick (0.0.3)
      jekyll (>= 0.10.0)
      mini_magick (>= 3.3)
    json (1.7.6)
    kramdown (0.13.8)
    less (2.2.2)
      commonjs (~> 0.2.6)
    libv8 (3.11.8.9)
    liquid (2.4.1)
    maruku (0.6.1)
      syntax (>= 1.0.0)
    mini_magick (3.4)
      subexec (~> 0.2.1)
    multi_json (1.3.7)
    posix-spawn (0.3.6)
    pygments.rb (0.3.7)
      posix-spawn (~> 0.3.6)
      yajl-ruby (~> 1.1.0)
    rack (1.4.3)
    rake (0.9.2.2)
    rake-pipeline (0.7.0)
      json
      rake (~> 0.9.0)
      thor
    rake-pipeline-web-filters (0.7.0)
      rack
      rake-pipeline (~> 0.6)
    ref (1.0.2)
    subexec (0.2.2)
    syntax (1.0.0)
    therubyracer (0.11.1)
      libv8 (~> 3.11.8.7)
      ref
    thor (0.16.0)
    uglifier (1.3.0)
      execjs (>= 0.3.0)
      multi_json (~> 1.0, >= 1.0.2)
    yajl-ruby (1.1.0)

PLATFORMS
  ruby

DEPENDENCIES
  RedCloth (~> 4.2)
  jekyll (~> 0.10)
  jekyll-categories (= 0.0.2)
  jekyll-less (~> 0.0.4)
  jekyll-minimagick (= 0.0.3)
  rake-pipeline
  rake-pipeline-web-filters
  therubyracer
  uglifier
